PATH
  remote: .
  specs:
    smalld-examples-ruby (0.0.0-java)
      hash_dot (= 2.4.1)
      httparty (= 0.16.4)

GEM
  remote: https://rubygems.org/
  specs:
    hash_dot (2.4.1)
    httparty (0.16.4)
      mime-types (~> 3.0)
      multi_xml (>= 0.5.2)
    jar-dependencies (0.4.0)
    mime-types (3.2.2)
      mime-types-data (~> 3.2015)
    mime-types-data (3.2019.0331)
    multi_xml (0.6.0)
    rake (12.3.2)

PLATFORMS
  java

DEPENDENCIES
  jar-dependencies (= 0.4.0)
  rake (= 12.3.2)
  smalld-examples-ruby!

BUNDLED WITH
   2.0.1
