PATH
  remote: .
  specs:
    smalld-examples-ruby (0.0.0-java)
      hash_dot (= 2.4.1)

GEM
  remote: https://rubygems.org/
  specs:
    hash_dot (2.4.1)
    jar-dependencies (0.4.0)
    rake (12.3.2)

PLATFORMS
  java

DEPENDENCIES
  jar-dependencies (= 0.4.0)
  rake (= 12.3.2)
  smalld-examples-ruby!

BUNDLED WITH
   2.0.1
